PATH
  remote: .
  specs:
    csv_fast_importer (0.0.1)

GEM
  remote: https://rubygems.org/
  specs:
    rake (10.4.2)

PLATFORMS
  ruby

DEPENDENCIES
  bundler (~> 1.10)
  csv_fast_importer!
  rake (~> 10.0)

BUNDLED WITH
   1.10.6
